GEM
  remote: https://rubygems.org/
  specs:
    ffi (1.15.5-x64-mingw-ucrt)
    jekyll-paginate (1.1.0)
    jekyll-watch (2.2.1)
      listen (~> 3.0)
    kramdown (2.4.0)
      rexml
    kramdown-parser-gfm (1.1.0)
      kramdown (~> 2.0)
    listen (3.7.1)
      rb-fsevent (~> 0.10, >= 0.10.3)
      rb-inotify (~> 0.9, >= 0.9.10)
    rb-fsevent (0.11.2)
    rb-inotify (0.10.1)
      ffi (~> 1.0)
    rexml (3.2.5)
    wdm (0.1.1)
    webrick (1.7.0)

PLATFORMS
  x64-mingw-ucrt

DEPENDENCIES
  jekyll-paginate (~> 1.1)
  jekyll-watch (~> 2.2)
  kramdown-parser-gfm (~> 1.1)
  wdm (>= 0.1.0)
  webrick (~> 1.7)

BUNDLED WITH
   2.3.22
